PATH
  remote: .
  specs:
    mygem (0.0.1)

GEM
  remote: https://rubygems.org/
  specs:
    awesome_print (1.1.0)
    coderay (1.0.9)
    guard (1.6.2)
      listen (>= 0.6.0)
      lumberjack (>= 1.0.2)
      pry (>= 0.9.10)
      terminal-table (>= 1.4.3)
      thor (>= 0.14.6)
    guard-minitest (0.5.0)
      guard (>= 0.4)
    listen (0.7.3)
    lumberjack (1.0.2)
    method_source (0.8.1)
    pry (0.9.12)
      coderay (~> 1.0.5)
      method_source (~> 0.8)
      slop (~> 3.4)
    rb-fsevent (0.9.3)
    slop (3.4.3)
    terminal-table (1.4.5)
    thor (0.17.0)

PLATFORMS
  ruby

DEPENDENCIES
  awesome_print (~> 1.1.0)
  guard (~> 1.6.0)
  guard-minitest (~> 0.5.0)
  mygem!
  pry (~> 0.9.0)
  rb-fsevent (~> 0.9.0)
